GEM
  remote: https://rubygems.org/
  specs:
    ansi (1.5.0)
    builder (3.2.2)
    byebug (8.2.2)
    minitest (5.8.3)
    minitest-reporters (1.1.5)
      ansi
      builder
      minitest (>= 5.0)
      ruby-progressbar
    paint (1.0.1)
    rake (10.5.0)
    ruby-progressbar (1.7.5)

PLATFORMS
  ruby

DEPENDENCIES
  byebug
  minitest (~> 5.8.3)
  minitest-reporters (~> 1.1.5)
  paint
  rake

BUNDLED WITH
   1.11.2
