GEM
  remote: https://rubygems.org/
  specs:
    ansi (1.5.0)
    builder (3.2.2)
    colorize (0.7.7)
    minitest (5.8.3)
    minitest-reporters (1.1.5)
      ansi
      builder
      minitest (>= 5.0)
      ruby-progressbar
    ruby-progressbar (1.7.5)

PLATFORMS
  ruby

DEPENDENCIES
  colorize (~> 0.7.0)
  minitest (~> 5.8.3)
  minitest-reporters (~> 1.1.5)

BUNDLED WITH
   1.10.6
